PATH
  remote: .
  specs:
    mobitex (0.0.1)
      curb

GEM
  remote: http://rubygems.org/
  specs:
    addressable (2.2.6)
    crack (0.3.1)
    curb (0.7.15)
    minitest (1.6.0)
    webmock (1.7.7)
      addressable (~> 2.2, > 2.2.5)
      crack (>= 0.1.7)

PLATFORMS
  ruby
  x86-mingw32

DEPENDENCIES
  minitest
  mobitex!
  webmock
