PATH
  remote: .
  specs:
    mobitex (0.0.1)
      activesupport (~> 3.0)
      curb

GEM
  remote: http://rubygems.org/
  specs:
    activesupport (3.1.1)
      multi_json (~> 1.0)
    addressable (2.2.6)
    crack (0.3.1)
    curb (0.7.15)
    minitest (2.6.2)
    multi_json (1.0.3)
    webmock (1.7.7)
      addressable (~> 2.2, > 2.2.5)
      crack (>= 0.1.7)

PLATFORMS
  ruby

DEPENDENCIES
  minitest
  mobitex!
  webmock
